GEM
  remote: https://rubygems.org/
  specs:
    capifony (2.8.6)
      capistrano (>= 2.13.5, <= 2.16.0)
      capistrano-maintenance (= 0.0.3)
      colored (>= 1.2.0)
      inifile (>= 2.0.2, < 3.0.0)
      ruby-progressbar (= 1.4.1)
    capistrano (2.15.7)
      highline
      net-scp (>= 1.0.0)
      net-sftp (>= 2.0.0)
      net-ssh (>= 2.0.14)
      net-ssh-gateway (>= 1.1.0)
    capistrano-maintenance (0.0.3)
      capistrano (>= 2.0.0)
    capistrano_rsync_with_remote_cache (2.4.0)
      capistrano (>= 2.1.0)
    colored (1.2)
    highline (1.6.9)
    inifile (2.0.2)
    net-scp (1.2.1)
      net-ssh (>= 2.6.5)
    net-sftp (2.1.2)
      net-ssh (>= 2.6.5)
    net-ssh (2.9.2)
    net-ssh-gateway (1.2.0)
      net-ssh (>= 2.6.5)
    ruby-progressbar (1.4.1)

PLATFORMS
  ruby

DEPENDENCIES
  capifony (~> 2.8.6)
  capistrano (~> 2.15)
  capistrano_rsync_with_remote_cache (~> 2.4)
  highline (= 1.6.9)
  net-ssh (= 2.9.2)

BUNDLED WITH
   1.11.2
